GEM
  remote: https://rubygems.org/
  specs:
    metaclass (0.0.1)
    mocha (0.13.2)
      metaclass (~> 0.0.1)
    narray (0.6.0.7)
    serialport (1.1.0)

PLATFORMS
  ruby

DEPENDENCIES
  mocha
  narray
  serialport
