PATH
  remote: .
  specs:
    helios (0.0.1)

GEM
  remote: https://rubygems.org/
  specs:
    aws-sdk (1.8.3)
      json (~> 1.4)
      nokogiri (>= 1.4.4)
      uuidtools (~> 2.1)
    coderay (1.0.9)
    growl (1.0.3)
    guard (1.6.2)
      listen (>= 0.6.0)
      lumberjack (>= 1.0.2)
      pry (>= 0.9.10)
      terminal-table (>= 1.4.3)
      thor (>= 0.14.6)
    guard-test (0.7.0)
      guard (>= 1.1)
      test-unit (~> 2.2)
    json (1.7.7)
    listen (0.7.2)
    lumberjack (1.0.2)
    metaclass (0.0.1)
    method_source (0.8.1)
    mocha (0.13.2)
      metaclass (~> 0.0.1)
    narray (0.6.0.7)
    nokogiri (1.5.6)
    pry (0.9.12)
      coderay (~> 1.0.5)
      method_source (~> 0.8)
      slop (~> 3.4)
    serialport (1.1.0)
    slop (3.4.3)
    terminal-table (1.4.5)
    test-unit (2.5.4)
    thor (0.17.0)
    uuidtools (2.1.3)

PLATFORMS
  ruby

DEPENDENCIES
  aws-sdk
  growl
  guard
  guard-test
  helios!
  mocha
  narray
  serialport
